PATH
  remote: .
  specs:
    foreman_hook-host_rename (0.0.1)
      json
      kwalify
      rest_client
      sqlite3

GEM
  remote: https://rubygems.org/
  specs:
    json (1.8.1)
    kwalify (0.7.2)
    netrc (0.7.9)
    rest_client (1.7.3)
      netrc (~> 0.7.7)
    sqlite3 (1.3.9)

PLATFORMS
  ruby

DEPENDENCIES
  foreman_hook-host_rename!
