PATH
  remote: .
  specs:
    foreman_hooks-host_rename (0.0.3)
      foreman_hooks
      json
      kwalify
      minitest
      rest_client
      sqlite3

GEM
  remote: https://rubygems.org/
  specs:
    foreman_hooks (0.3.7)
    json (1.8.1)
    kwalify (0.7.2)
    minitest (5.4.2)
    netrc (0.7.9)
    rake (10.3.2)
    rest_client (1.8.1)
      netrc (~> 0.7.7)
    sqlite3 (1.3.9)

PLATFORMS
  ruby

DEPENDENCIES
  bundler
  foreman_hooks-host_rename!
  rake
